GIT
  remote: git://github.com/masnick/guard-sprockets2.git
  revision: 250c2da90613ec84c322123f8d56eec8b595a1a7
  specs:
    guard-sprockets2 (0.0.6)
      guard
      sprockets (~> 2.0)

GEM
  remote: http://rubygems.org/
  specs:
    POpen4 (0.1.4)
      Platform (>= 0.4.0)
      open4
    Platform (0.4.0)
    closure-compiler (1.1.6)
    coffee-script (2.2.0)
      coffee-script-source
      execjs
    coffee-script-source (1.3.1)
    eco (1.0.0)
      coffee-script
      eco-source
      execjs
    eco-source (1.1.0.rc.1)
    execjs (1.3.0)
      multi_json (~> 1.0)
    ffi (1.0.11)
    growl_notify (0.0.3)
      rb-appscript
    guard (1.0.2)
      ffi (>= 0.5.0)
      thor (~> 0.14.6)
    hike (1.2.1)
    multi_json (1.3.4)
    open4 (1.3.0)
    rack (1.4.1)
    rb-appscript (0.6.1)
    sass (3.1.16)
    sprockets (2.4.1)
      hike (~> 1.2)
      multi_json (~> 1.0)
      rack (~> 1.0)
      tilt (~> 1.1, != 1.3.0)
    sprockets-sass (0.8.0)
      sprockets (~> 2.0)
      tilt (~> 1.1)
    thor (0.14.6)
    tilt (1.3.3)
    yui-compressor (0.9.6)
      POpen4 (>= 0.1.4)

PLATFORMS
  ruby

DEPENDENCIES
  closure-compiler
  coffee-script
  eco
  growl_notify
  guard
  guard-sprockets2!
  sass
  sprockets
  sprockets-sass
  yui-compressor
